PATH
  remote: .
  specs:
    leap_cli (0.0.1)
      gli (~> 2.3)
      oj
      terminal-table

GEM
  remote: http://rubygems.org/
  specs:
    gli (2.3.0)
    oj (1.3.7)
    rake (0.9.2.2)
    terminal-table (1.4.5)

PLATFORMS
  ruby

DEPENDENCIES
  leap_cli!
  rake
